PATH
  remote: .
  specs:
    narou (3.5.0)
      activesupport (~> 5.2)
      diff-lcs (~> 1.2, >= 1.2.5)
      erubis (~> 2.7)
      haml (>= 5.1.2, < 6)
      mail (~> 2.6.0, >= 2.6.6)
      memoist (~> 0.11.0)
      open_uri_redirections (~> 0.2, >= 0.2.1)
      pony (~> 1, >= 1.11)
      rubyzip (~> 2.0, >= 2.0.0)
      sass (~> 3.4, >= 3.4.18)
      sinatra (~> 1.4, >= 1.4.5)
      sinatra-contrib (~> 1.4, >= 1.4.2)
      systemu (~> 2.6, >= 2.6.5)
      termcolorlight (~> 1.0, >= 1.1.1)
      tilt (~> 2.0, >= 2.0.10)
      unicode-display_width (~> 1.4)

GEM
  remote: https://rubygems.org/
  specs:
    activesupport (5.2.4.1)
      concurrent-ruby (~> 1.0, >= 1.0.2)
      i18n (>= 0.7, < 2)
      minitest (~> 5.1)
      tzinfo (~> 1.1)
    awesome_print (1.8.0)
    backports (3.15.0)
    byebug (11.1.1)
    coderay (1.1.2)
    concurrent-ruby (1.1.5)
    diff-lcs (1.3)
    docile (1.3.2)
    erubis (2.7.0)
    ffi (1.12.2)
    haml (5.1.2)
      temple (>= 0.8.0)
      tilt
    i18n (1.7.0)
      concurrent-ruby (~> 1.0)
    mail (2.6.6)
      mime-types (>= 1.16, < 4)
    memoist (0.11.0)
    method_source (0.9.2)
    mime-types (3.3.1)
      mime-types-data (~> 3.2015)
    mime-types-data (3.2019.1009)
    minitest (5.13.0)
    multi_json (1.14.1)
    open_uri_redirections (0.2.1)
    pony (1.13.1)
      mail (>= 2.0)
    pry (0.12.2)
      coderay (~> 1.1.0)
      method_source (~> 0.9.0)
    pry-byebug (3.8.0)
      byebug (~> 11.0)
      pry (~> 0.10)
    rack (1.6.12)
    rack-protection (1.5.5)
      rack
    rack-test (1.1.0)
      rack (>= 1.0, < 3)
    rb-fsevent (0.10.3)
    rb-inotify (0.10.1)
      ffi (~> 1.0)
    rspec (3.9.0)
      rspec-core (~> 3.9.0)
      rspec-expectations (~> 3.9.0)
      rspec-mocks (~> 3.9.0)
    rspec-core (3.9.1)
      rspec-support (~> 3.9.1)
    rspec-expectations (3.9.0)
      diff-lcs (>= 1.2.0, < 2.0)
      rspec-support (~> 3.9.0)
    rspec-mocks (3.9.1)
      diff-lcs (>= 1.2.0, < 2.0)
      rspec-support (~> 3.9.0)
    rspec-retry (0.6.2)
      rspec-core (> 3.3)
    rspec-support (3.9.2)
    rspec_junit_formatter (0.4.1)
      rspec-core (>= 2, < 4, != 2.12.0)
    rubyzip (2.0.0)
    sass (3.7.4)
      sass-listen (~> 4.0.0)
    sass-listen (4.0.0)
      rb-fsevent (~> 0.9, >= 0.9.4)
      rb-inotify (~> 0.9, >= 0.9.7)
    simplecov (0.18.2)
      docile (~> 1.1)
      simplecov-html (~> 0.11)
    simplecov-html (0.12.0)
    sinatra (1.4.8)
      rack (~> 1.5)
      rack-protection (~> 1.4)
      tilt (>= 1.3, < 3)
    sinatra-contrib (1.4.7)
      backports (>= 2.0)
      multi_json
      rack-protection
      rack-test
      sinatra (~> 1.4.0)
      tilt (>= 1.3, < 3)
    systemu (2.6.5)
    temple (0.8.2)
    termcolorlight (1.1.1)
    thread_safe (0.3.6)
    tilt (2.0.10)
    timecop (0.9.1)
    tzinfo (1.2.6)
      thread_safe (~> 0.1)
    unicode-display_width (1.6.0)

PLATFORMS
  java
  ruby

DEPENDENCIES
  awesome_print (~> 1.8)
  narou!
  pry (~> 0.12)
  pry-byebug (~> 3.8)
  rspec (~> 3.9)
  rspec-retry (~> 0.6)
  rspec_junit_formatter (~> 0.4)
  simplecov (~> 0.18)
  timecop (~> 0.9)

BUNDLED WITH
   1.17.3
